GIT
  remote: git://github.com/pawelniewie/jekyll-srcset.git
  revision: cc7ea47bf6d92c31c2b4791583813ed1003453ee
  branch: feature/site-url-in-img-tag
  specs:
    jekyll-srcset (0.1.3)
      jekyll (> 2)
      rmagick

GEM
  remote: https://rubygems.org/
  specs:
    activesupport (5.0.0)
      concurrent-ruby (~> 1.0, >= 1.0.2)
      i18n (~> 0.7)
      minitest (~> 5.1)
      tzinfo (~> 1.1)
    addressable (2.4.0)
    colorator (0.1)
    concurrent-ruby (1.0.2)
    faraday (0.9.2)
      multipart-post (>= 1.2, < 3)
    ffi (1.9.14)
    gemoji (2.1.0)
    html-pipeline (2.4.2)
      activesupport (>= 2)
      nokogiri (>= 1.4)
    i18n (0.7.0)
    jekyll (3.1.6)
      colorator (~> 0.1)
      jekyll-sass-converter (~> 1.0)
      jekyll-watch (~> 1.1)
      kramdown (~> 1.3)
      liquid (~> 3.0)
      mercenary (~> 0.3.3)
      rouge (~> 1.7)
      safe_yaml (~> 1.0)
    jekyll-feed (0.6.0)
    jekyll-gist (1.4.0)
      octokit (~> 4.2)
    jekyll-mentions (1.1.3)
      html-pipeline (~> 2.3)
      jekyll (~> 3.0)
    jekyll-paginate (1.1.0)
    jekyll-redirect-from (0.11.0)
      jekyll (>= 2.0)
    jekyll-sass-converter (1.4.0)
      sass (~> 3.4)
    jekyll-sitemap (0.11.0)
      addressable (~> 2.4.0)
    jekyll-tagging (1.0.1)
      ruby-nuggets
    jekyll-tagging-related_posts (0.2.1)
      jekyll (~> 3.0)
      jekyll-tagging (~> 1.0.0)
    jekyll-watch (1.4.0)
      listen (~> 3.0, < 3.1)
    jemoji (0.6.2)
      gemoji (~> 2.0)
      html-pipeline (~> 2.2)
      jekyll (>= 3.0)
    kramdown (1.11.1)
    liquid (3.0.6)
    listen (3.0.8)
      rb-fsevent (~> 0.9, >= 0.9.4)
      rb-inotify (~> 0.9, >= 0.9.7)
    mercenary (0.3.6)
    mini_portile2 (2.1.0)
    minitest (5.9.0)
    multipart-post (2.0.0)
    nokogiri (1.6.8)
      mini_portile2 (~> 2.1.0)
      pkg-config (~> 1.1.7)
    nuggets (1.0.0)
    octokit (4.3.0)
      sawyer (~> 0.7.0, >= 0.5.3)
    pkg-config (1.1.7)
    posix-spawn (0.3.11)
    pygments.rb (0.6.3)
      posix-spawn (~> 0.3.6)
      yajl-ruby (~> 1.2.0)
    rb-fsevent (0.9.7)
    rb-inotify (0.9.7)
      ffi (>= 0.5.0)
    redcarpet (3.3.4)
    rmagick (2.15.4)
    rouge (1.11.1)
    ruby-nuggets (1.0.0)
      nuggets (= 1.0.0)
    safe_yaml (1.0.4)
    sass (3.4.22)
    sawyer (0.7.0)
      addressable (>= 2.3.5, < 2.5)
      faraday (~> 0.8, < 0.10)
    thread_safe (0.3.5)
    tzinfo (1.2.2)
      thread_safe (~> 0.1)
    yajl-ruby (1.2.1)

PLATFORMS
  ruby

DEPENDENCIES
  html-pipeline
  jekyll
  jekyll-feed
  jekyll-gist
  jekyll-mentions (>= 0.2.1)
  jekyll-paginate
  jekyll-redirect-from
  jekyll-sitemap
  jekyll-srcset!
  jekyll-tagging-related_posts
  jemoji
  pygments.rb
  redcarpet

RUBY VERSION
   ruby 2.3.1p112

BUNDLED WITH
   1.12.5
